GEM
  remote: https://rubygems.org/
  specs:
    bulldoggy (0.0.7.alpha)
    diff-lcs (1.2.5)
    rspec (2.14.1)
      rspec-core (~> 2.14.0)
      rspec-expectations (~> 2.14.0)
      rspec-mocks (~> 2.14.0)
    rspec-core (2.14.7)
    rspec-expectations (2.14.4)
      diff-lcs (>= 1.1.3, < 2.0)
    rspec-its (1.0.0.pre)
    rspec-mocks (2.14.4)

PLATFORMS
  ruby

DEPENDENCIES
  bulldoggy (~> 0.0.7.alpha)
  rspec
  rspec-its
